GEM
  remote: https://rubygems.org/
  specs:
    addressable (2.3.4)
    excon (0.25.3)
    launchy (2.3.0)
      addressable (~> 2.3)
    minitest (5.0.6)
    posix-spawn (0.3.6)
    rack (1.3.10)
    rack-protection (1.5.0)
      rack
    rake (10.1.0)
    rake-compiler (0.8.3)
      rake
    sinatra (1.3.3)
      rack (~> 1.3, >= 1.3.6)
      rack-protection (~> 1.2)
      tilt (~> 1.3, >= 1.3.3)
    tilt (1.4.1)

PLATFORMS
  ruby

DEPENDENCIES
  excon
  launchy
  minitest
  posix-spawn
  rack (~> 1.3.5)
  rake-compiler
  sinatra
